GEM
  remote: https://rubygems.org/
  specs:
    CFPropertyList (2.3.0)
    ansi (1.5.0)
    awesome_print (1.6.1)
    briar (1.2.2)
      ansi (~> 1.5)
      bundler
      calabash-cucumber (>= 0.12, < 1.0)
      dotenv (~> 1.0)
      rainbow (~> 2.0)
      rake
      rbx-require-relative (~> 0.0)
      retriable
      xamarin-test-cloud (~> 1.0)
    builder (3.2.2)
    calabash-common (0.0.1)
      cucumber (~> 1.3.0)
    calabash-cucumber (0.13.0)
      CFPropertyList
      awesome_print
      bundler (~> 1.3)
      calabash-common (~> 0.0.1)
      cucumber (~> 1.3.17)
      edn (>= 1.0.6, < 2.0)
      geocoder (>= 1.1.8, < 2.0)
      httpclient (>= 2.3.2, < 3.0)
      json
      run_loop (~> 1.2.7)
      sim_launcher (~> 0.4.13)
      slowhandcuke (~> 0.0.3)
    cucumber (1.3.19)
      builder (>= 2.1.2)
      diff-lcs (>= 1.1.3)
      gherkin (~> 2.12)
      multi_json (>= 1.7.5, < 2.0)
      multi_test (>= 0.1.2)
    diff-lcs (1.2.5)
    dotenv (1.0.2)
    edn (1.0.6)
    geocoder (1.2.7)
    gherkin (2.12.2)
      multi_json (~> 1.3)
    httpclient (2.6.0.1)
    json (1.8.2)
    mime-types (1.25.1)
    multi_json (1.11.0)
    multi_test (0.1.2)
    netrc (0.10.3)
    rack (1.6.0)
    rack-protection (1.5.3)
      rack
    rainbow (2.0.0)
    rake (10.4.2)
    rbx-require-relative (0.0.9)
    rest-client (1.7.3)
      mime-types (>= 1.16, < 3.0)
      netrc (~> 0.7)
    retriable (1.4.1)
    rubyzip (1.1.7)
    run_loop (1.2.9)
      CFPropertyList (~> 2.2)
      awesome_print (~> 1.2)
      json (~> 1.8)
      retriable (>= 1.3.3.1, < 2.0)
    sim_launcher (0.4.13)
      sinatra
    sinatra (1.4.5)
      rack (~> 1.4)
      rack-protection (~> 1.4)
      tilt (~> 1.3, >= 1.3.4)
    slowhandcuke (0.0.3)
      cucumber
    thor (0.19.1)
    tilt (1.4.1)
    xamarin-test-cloud (1.0.0)
      bundler (>= 1.3.0, < 2.0)
      json (~> 1.8)
      mime-types (< 2.0)
      rest-client (~> 1.6)
      retriable (>= 1.3.3.1, < 2.0)
      rubyzip (~> 1.1)
      thor (>= 0.18.1)

PLATFORMS
  ruby

DEPENDENCIES
  briar (= 1.2.2)
